GEM
  remote: https://rubygems.org/
  specs:
    kramdown (1.13.2)
    rouge (2.0.7)

PLATFORMS
  ruby

DEPENDENCIES
  kramdown (~> 1.13.0)
  rouge (~> 2.0.0)

BUNDLED WITH
   1.12.5
